GEM
  remote: https://rubygems.org/
  specs:
    addressable (2.3.6)
    arduino_firmata (0.3.7)
      args_parser (>= 0.1.4)
      event_emitter (>= 0.2.4)
      serialport (>= 1.1.0)
    args_parser (0.2.0)
    coderay (1.1.0)
    coveralls (0.7.8)
      multi_json (~> 1.10)
      rest-client (~> 1.7)
      simplecov (~> 0.9.1)
      term-ansicolor (~> 1.3)
      thor (~> 0.19.1)
    crack (0.4.2)
      safe_yaml (~> 1.0.0)
    diff-lcs (1.2.5)
    docile (1.1.5)
    event_emitter (0.2.5)
    httparty (0.13.3)
      json (~> 1.8)
      multi_xml (>= 0.5.2)
    json (1.8.2)
    method_source (0.8.2)
    mime-types (2.4.3)
    multi_json (1.10.1)
    multi_xml (0.5.5)
    netrc (0.10.2)
    pry (0.10.1)
      coderay (~> 1.1.0)
      method_source (~> 0.8.1)
      slop (~> 3.4)
    rack (1.6.0)
    rack-protection (1.5.3)
      rack
    rack-test (0.6.3)
      rack (>= 1.0)
    rake (10.4.2)
    rest-client (1.7.2)
      mime-types (>= 1.16, < 3.0)
      netrc (~> 0.7)
    rspec (3.1.0)
      rspec-core (~> 3.1.0)
      rspec-expectations (~> 3.1.0)
      rspec-mocks (~> 3.1.0)
    rspec-core (3.1.7)
      rspec-support (~> 3.1.0)
    rspec-expectations (3.1.2)
      diff-lcs (>= 1.2.0, < 2.0)
      rspec-support (~> 3.1.0)
    rspec-mocks (3.1.3)
      rspec-support (~> 3.1.0)
    rspec-support (3.1.2)
    safe_yaml (1.0.4)
    serialport (1.3.1)
    simplecov (0.9.1)
      docile (~> 1.1.0)
      multi_json (~> 1.0)
      simplecov-html (~> 0.8.0)
    simplecov-html (0.8.0)
    sinatra (1.4.5)
      rack (~> 1.4)
      rack-protection (~> 1.4)
      tilt (~> 1.3, >= 1.3.4)
    sinatra-logger (0.1.1)
      sinatra (>= 1.0)
    slop (3.6.0)
    term-ansicolor (1.3.0)
      tins (~> 1.0)
    thor (0.19.1)
    tilt (1.4.1)
    tins (1.3.3)
    webmock (1.20.4)
      addressable (>= 2.3.6)
      crack (>= 0.3.2)

PLATFORMS
  ruby

DEPENDENCIES
  arduino_firmata
  coveralls
  httparty
  pry
  rack-test
  rake
  rspec
  sinatra
  sinatra-logger
  webmock
